GEM
  remote: http://rubygems.org/
  specs:
    archive-tar-minitar (0.5.2)
    bunny (0.8.0)
    chef (10.12.0)
      bunny (>= 0.6.0)
      erubis
      highline (>= 1.6.9)
      json (>= 1.4.4, <= 1.6.1)
      mixlib-authentication (>= 1.1.0)
      mixlib-cli (>= 1.1.0)
      mixlib-config (>= 1.1.2)
      mixlib-log (>= 1.3.0)
      mixlib-shellout
      moneta
      net-ssh (~> 2.2.2)
      net-ssh-multi (~> 1.1.0)
      ohai (>= 0.6.0)
      rest-client (>= 1.0.4, < 1.7.0)
      treetop (~> 1.4.9)
      uuidtools
      yajl-ruby (~> 1.1)
    erubis (2.7.0)
    ffi (0.6.3)
      rake (>= 0.8.7)
    highline (1.6.14)
    ipaddress (0.8.0)
    json (1.6.1)
    mario (0.0.6)
    mime-types (1.19)
    mixlib-authentication (1.3.0)
      mixlib-log
    mixlib-cli (1.2.2)
    mixlib-config (1.1.2)
    mixlib-log (1.4.1)
    mixlib-shellout (1.1.0)
    moneta (0.6.0)
    net-scp (1.0.4)
      net-ssh (>= 1.99.1)
    net-ssh (2.2.2)
    net-ssh-gateway (1.1.0)
      net-ssh (>= 1.99.1)
    net-ssh-multi (1.1)
      net-ssh (>= 2.1.4)
      net-ssh-gateway (>= 0.99.0)
    ohai (6.14.0)
      ipaddress
      mixlib-cli
      mixlib-config
      mixlib-log
      systemu
      yajl-ruby
    polyglot (0.3.3)
    rake (0.9.2.2)
    rest-client (1.6.7)
      mime-types (>= 1.16)
    systemu (2.5.2)
    treetop (1.4.10)
      polyglot
      polyglot (>= 0.3.1)
    uuidtools (2.1.3)
    vagrant (0.5.4)
      archive-tar-minitar (= 0.5.2)
      erubis (>= 2.6.6)
      json (>= 1.4.3)
      mario (~> 0.0.6)
      net-scp (>= 1.0.2)
      net-ssh (>= 2.0.19)
      virtualbox (~> 0.7.3)
    virtualbox (0.7.9)
      ffi (~> 0.6.3)
    yajl-ruby (1.1.0)

PLATFORMS
  ruby

DEPENDENCIES
  chef
  vagrant
